GEM
  remote: http://rubygems.org/
  specs:
    active_support (3.0.0)
      activesupport (= 3.0.0)
    activesupport (3.0.0)
    aws-sdk (1.11.3)
      json (~> 1.4)
      nokogiri (< 1.6.0)
      uuidtools (~> 2.1)
    json (1.8.0)
    nokogiri (1.5.10)
    uuidtools (2.1.4)

PLATFORMS
  ruby

DEPENDENCIES
  active_support
  aws-sdk
